GEM
  remote: https://rubygems.org/
  specs:
    CFPropertyList (2.3.1)
    diff-lcs (1.2.5)
    extlib (0.9.16)
    ffi (1.9.10-x86-mingw32)
    highline (1.7.2)
    json (1.5.5)
    listen (3.0.3)
      rb-fsevent (>= 0.9.3)
      rb-inotify (>= 0.9)
    macaddr (1.7.1)
      systemu (~> 2.6.2)
    mime-types (1.25.1)
    rake (10.4.2)
    rb-fsevent (0.9.5)
    rb-inotify (0.9.5)
      ffi (>= 0.5.0)
    rest-client (1.6.9)
      mime-types (~> 1.16)
    rhoconnect-client (5.2.0)
    rhodes (5.2.0)
      CFPropertyList (>= 2.2.0)
      diff-lcs (>= 1.1.2)
      json (~> 1.5.4)
      listen (>= 2.8.5)
      rake (>= 0.9.2)
      rest-client (~> 1.6.6)
      rubyzip (>= 1.1.7)
      systemu (>= 2.5.0)
      templater (>= 0.5.0)
      uuid (>= 2.3.2)
    rhodes-containers (5.2.0)
    rhoelements (5.2.0)
      diff-lcs (>= 1.1.2)
      rake (>= 0.9.2)
    rubyzip (1.1.7)
    systemu (2.6.5)
    templater (1.0.0)
      diff-lcs (>= 1.1.2)
      extlib (>= 0.9.5)
      highline (>= 1.4.0)
    uuid (2.3.8)
      macaddr (~> 1.0)

PLATFORMS
  x86-mingw32

DEPENDENCIES
  rhoconnect-client (= 5.2.0)
  rhodes (= 5.2.0)
  rhodes-containers (= 5.2.0)
  rhoelements (= 5.2.0)

BUNDLED WITH
   1.10.6
